GEM
  remote: https://rubygems.org/
  specs:
    addressable (2.5.2)
      public_suffix (>= 2.0.2, < 4.0)
    archive-zip (0.11.0)
      io-like (~> 0.3.0)
    assert (2.17.0)
      much-factory (~> 0.1.0)
      much-stub (~> 0.1.0)
    backports (3.11.4)
    builder (3.2.3)
    capybara (3.11.1)
      addressable
      mini_mime (>= 0.1.3)
      nokogiri (~> 1.8)
      rack (>= 1.6.0)
      rack-test (>= 0.6.3)
      regexp_parser (~> 1.2)
      xpath (~> 3.2)
    childprocess (0.9.0)
      ffi (~> 1.0, >= 1.0.11)
    cucumber (3.1.2)
      builder (>= 2.1.2)
      cucumber-core (~> 3.2.0)
      cucumber-expressions (~> 6.0.1)
      cucumber-wire (~> 0.0.1)
      diff-lcs (~> 1.3)
      gherkin (~> 5.1.0)
      multi_json (>= 1.7.5, < 2.0)
      multi_test (>= 0.1.2)
    cucumber-core (3.2.1)
      backports (>= 3.8.0)
      cucumber-tag_expressions (~> 1.1.0)
      gherkin (~> 5.0)
    cucumber-expressions (6.0.1)
    cucumber-tag_expressions (1.1.1)
    cucumber-wire (0.0.1)
    diff-lcs (1.3)
    domain_name (0.5.20180417)
      unf (>= 0.0.5, < 1.0.0)
    ffi (1.9.25-x64-mingw32)
    geckodriver-helper (0.21.0)
      archive-zip (~> 0.7)
    gherkin (5.1.0)
    http-cookie (1.0.3)
      domain_name (~> 0.5)
    io-like (0.3.0)
    map (6.6.0)
    mime-types (3.2.2)
      mime-types-data (~> 3.2015)
    mime-types-data (3.2018.0812)
    mini_mime (1.0.1)
    mini_portile2 (2.3.0)
    much-factory (0.1.0)
    much-stub (0.1.0)
    multi_json (1.13.1)
    multi_test (0.1.2)
    netrc (0.11.0)
    nokogiri (1.8.5-x64-mingw32)
      mini_portile2 (~> 2.3.0)
    power_assert (1.1.3)
    public_suffix (3.0.3)
    rack (2.0.6)
    rack-test (1.1.0)
      rack (>= 1.0, < 3)
    rails_current (2.1.0)
      map (~> 6.0)
    rails_default_url_options (3.0.0)
    rails_helper (2.2.2)
      rails_current (>= 1.0)
      rails_default_url_options (>= 1.0)
    regexp_parser (1.3.0)
    rest-client (2.0.2-x64-mingw32)
      ffi (~> 1.9)
      http-cookie (>= 1.0.2, < 2.0)
      mime-types (>= 1.16, < 4.0)
      netrc (~> 0.8)
    rubyzip (1.2.2)
    selenium-webdriver (3.141.0)
      childprocess (~> 0.5)
      rubyzip (~> 1.2, >= 1.2.2)
    site_prism (3.0)
      addressable (~> 2.5)
      capybara (>= 2.17, < 4.0)
    test-unit (3.2.8)
      power_assert
    unf (0.1.4)
      unf_ext
    unf_ext (0.0.7.5-x64-mingw32)
    xpath (3.2.0)
      nokogiri (~> 1.8)

PLATFORMS
  x64-mingw32

DEPENDENCIES
  assert
  capybara
  cucumber
  geckodriver-helper
  rails_helper
  rest-client
  selenium-webdriver
  site_prism
  test-unit

BUNDLED WITH
   1.17.1
